PATH
  remote: .
  specs:
    ruby-snippets (0.1.0)
      colorize (= 0.8.1)
      thor (~> 0.20)
      yard (~> 0.9)

GEM
  remote: https://rubygems.org/
  specs:
    colorize (0.8.1)
    diff-lcs (1.3)
    rake (10.5.0)
    rspec (3.9.0)
      rspec-core (~> 3.9.0)
      rspec-expectations (~> 3.9.0)
      rspec-mocks (~> 3.9.0)
    rspec-core (3.9.0)
      rspec-support (~> 3.9.0)
    rspec-expectations (3.9.0)
      diff-lcs (>= 1.2.0, < 2.0)
      rspec-support (~> 3.9.0)
    rspec-mocks (3.9.0)
      diff-lcs (>= 1.2.0, < 2.0)
      rspec-support (~> 3.9.0)
    rspec-support (3.9.0)
    sorbet (0.4.5083)
      sorbet-static (= 0.4.5083)
    sorbet-runtime (0.4.5083)
    sorbet-static (0.4.5083-universal-darwin-14)
    thor (0.20.3)
    yard (0.9.20)

PLATFORMS
  ruby

DEPENDENCIES
  bundler (~> 2.0)
  rake (~> 10.0)
  rspec (~> 3.0)
  ruby-snippets!
  sorbet
  sorbet-runtime

BUNDLED WITH
   2.0.2
